GIT
  remote: https://github.com/lsegal/yard-js.git
  revision: e939fd66152115462036b3ce27334baf5386bd92
  specs:
    yard-js (0.1.3)

GIT
  remote: https://github.com/lsegal/yard.git
  revision: 92bf2dc02cb331734c26b2601efdb7e2e51954bc
  branch: main
  specs:
    yard (0.9.27)
      webrick (~> 1.7.0)

PATH
  remote: doc-src/parsejs
  specs:
    parsejs (0.0.1)
      kpeg
      yard

GEM
  remote: https://rubygems.org/
  specs:
    kpeg (1.1.0)
    rake (13.0.1)
    rdiscount (2.1.7)
    redcarpet (3.5.1)
    samus (1.4.1)
    webrick (1.7.0)
    yard-sitemap (1.0.1)

PLATFORMS
  ruby

DEPENDENCIES
  parsejs!
  rake
  rdiscount
  redcarpet (~> 3.0)
  samus
  yard!
  yard-js!
  yard-sitemap (~> 1.0)

BUNDLED WITH
   1.14.6
